PATH
  remote: .
  specs:
    churned (0.1.0)
      tty-option (>= 0.2)

GEM
  remote: https://rubygems.org/
  specs:
    byebug (11.1.3)
    minitest (5.14.4)
    rake (12.3.3)
    tty-option (0.2.0)

PLATFORMS
  ruby

DEPENDENCIES
  byebug
  churned!
  minitest (~> 5.0)
  rake (~> 12.0)

BUNDLED WITH
   2.1.4
